GEM
  remote: http://rubygems.org/
  specs:
    awesome_print (1.0.2)
    nokogiri (1.5.0)
    oauth (0.4.5)
    rdio (0.0.96)
      oauth (>= 0.3.0)

PLATFORMS
  ruby

DEPENDENCIES
  awesome_print
  nokogiri
  rdio
