GIT
  remote: git@github.com:shyndman/rdiorb.git
  revision: 2061a38186755c229cc1b97dd932f70e89a7a112
  specs:
    rdio (0.0.98)
      oauth (>= 0.3.0)

GEM
  remote: http://rubygems.org/
  specs:
    activesupport (3.1.3)
      multi_json (~> 1.0)
    addressable (2.2.7)
    awesome_print (1.0.2)
    chronic (0.6.7)
    launchy (2.0.5)
      addressable (~> 2.2.6)
    multi_json (1.0.4)
    nokogiri (1.5.0)
    oauth (0.4.5)
    rake (0.9.2.2)
    whenever (0.7.2)
      activesupport (>= 2.3.4)
      chronic (~> 0.6.3)

PLATFORMS
  ruby

DEPENDENCIES
  awesome_print
  launchy
  nokogiri
  oauth
  rake
  rdio!
  whenever
