GIT
  remote: git@github.com:shyndman/rdiorb.git
  revision: 2061a38186755c229cc1b97dd932f70e89a7a112
  specs:
    rdio (0.0.98)
      oauth (>= 0.3.0)

GEM
  remote: http://rubygems.org/
  specs:
    awesome_print (1.0.2)
    nokogiri (1.5.0)
    oauth (0.4.5)

PLATFORMS
  ruby

DEPENDENCIES
  awesome_print
  nokogiri
  rdio!
