GEM
  remote: http://rubygems.org/
  specs:
    activesupport (3.2.2)
      i18n (~> 0.6)
      multi_json (~> 1.0)
    addressable (2.2.7)
    awesome_print (1.0.2)
    chronic (0.6.7)
    faraday (0.7.6)
      addressable (~> 2.2)
      multipart-post (~> 1.1)
      rack (~> 1.1)
    i18n (0.6.0)
    launchy (2.0.5)
      addressable (~> 2.2.6)
    multi_json (1.1.0)
    multipart-post (1.1.5)
    nokogiri (1.5.0)
    oauth (0.4.5)
    rack (1.4.1)
    rake (0.9.2.2)
    rdio (0.0.98a)
      oauth (>= 0.3.0)
    simple_oauth (0.1.5)
    twitter (2.1.0)
      activesupport (>= 2.3.9, < 4)
      faraday (~> 0.7)
      multi_json (~> 1.0)
      simple_oauth (~> 0.1)
    whenever (0.7.3)
      activesupport (>= 2.3.4)
      chronic (~> 0.6.3)

PLATFORMS
  ruby

DEPENDENCIES
  awesome_print
  launchy
  nokogiri
  oauth
  rake
  rdio (= 0.0.98a)
  twitter
  whenever
